GEM
  remote: https://rubygems.org/
  specs:
    asciidoctor (1.5.4)
    haml (4.0.7)
      tilt
    rack (1.6.4)
    rake (10.4.2)
    thread_safe (0.3.5)
    tilt (2.0.2)

PLATFORMS
  ruby

DEPENDENCIES
  asciidoctor
  haml
  rack
  rake
  thread_safe
  tilt

BUNDLED WITH
   1.10.6
